GEM
  remote: https://rubygems.org/
  specs:
    amq-protocol (2.2.0)
    bunny (2.8.0)
      amq-protocol (>= 2.2.0)
    ffi (1.10.0)
    libusb (0.6.4)
      ffi (~> 1.0)
      mini_portile2 (~> 2.1)
    mini_portile2 (2.4.0)

PLATFORMS
  ruby

DEPENDENCIES
  bunny (>= 2.6.3)
  libusb (~> 0.6.4)

BUNDLED WITH
   1.17.1
