GIT
  remote: https://github.com/michaelfranzl/ruby-escper.git
  revision: e1404a9dd47b821560cc664831940da90f6909c3
  ref: e1404a9dd47b821560cc664831940da90f6909c3
  specs:
    escper (1.2.2)
      rmagick
      serialport

GEM
  remote: https://rubygems.org/
  specs:
    amq-protocol (2.2.0)
    bunny (2.8.0)
      amq-protocol (>= 2.2.0)
    coderay (1.1.2)
    method_source (0.9.0)
    pry (0.11.3)
      coderay (~> 1.1.0)
      method_source (~> 0.9.0)
    rmagick (2.16.0)
    serialport (1.3.1)

PLATFORMS
  ruby

DEPENDENCIES
  bunny (>= 2.6.3)
  escper (~> 1.2.2)!
  pry (~> 0.11.3)

BUNDLED WITH
   1.16.0
